GEM
  remote: https://rubygems.org/
  specs:
    ffi (1.9.10)
    jekyll-sass-converter (1.4.0)
      sass (~> 3.4)
    jekyll-watch (1.3.1)
      listen (~> 3.0)
    kramdown (1.9.0)
    listen (3.0.5)
      rb-fsevent (>= 0.9.3)
      rb-inotify (>= 0.9)
    rb-fsevent (0.9.7)
    rb-inotify (0.9.5)
      ffi (>= 0.5.0)
    rouge (1.10.1)
    sass (3.4.21)

PLATFORMS
  ruby

DEPENDENCIES
  jekyll-sass-converter
  jekyll-watch
  kramdown
  rouge

BUNDLED WITH
   1.11.2
